PATH
  remote: .
  specs:
    rtorrent_xmlrpc (0.2.4)
      colorize (~> 0.7, >= 0.7.7)
      filesize (~> 0.1, >= 0.1.0)
      hashie (~> 3.4, >= 3.4.2)
      thor (~> 0.19, >= 0.19.1)

GEM
  remote: https://rubygems.org/
  specs:
    awesome_print (1.9.2)
    coderay (1.1.3)
    colorize (0.8.1)
    filesize (0.2.0)
    hashie (3.6.0)
    method_source (1.0.0)
    pry (0.14.1)
      coderay (~> 1.1)
      method_source (~> 1.0)
    rake (12.3.3)
    thor (0.20.3)

PLATFORMS
  ruby

DEPENDENCIES
  awesome_print (~> 1.6, >= 1.6.1)
  pry (~> 0.10, >= 0.10.1)
  rake (~> 12.3, >= 12.3.3)
  rtorrent_xmlrpc!

BUNDLED WITH
   2.1.4
